GEM
  remote: https://rubygems.org/
  specs:
    ttyname (1.0.0)

PLATFORMS
  ruby

DEPENDENCIES
  ttyname

BUNDLED WITH
   1.15.4
